PATH
  remote: .
  specs:
    outback (0.0.14)
      activesupport (>= 3.0.0)
      s3

GEM
  remote: http://rubygems.org/
  specs:
    activesupport (3.2.11)
      i18n (~> 0.6)
      multi_json (~> 1.0)
    i18n (0.6.1)
    multi_json (1.5.0)
    proxies (0.2.1)
    s3 (0.3.11)
      proxies (~> 0.2.0)

PLATFORMS
  ruby

DEPENDENCIES
  outback!
