PATH
  remote: .
  specs:
    outback (0.0.14)
      activesupport (>= 3.0.0)
      s3

GEM
  remote: http://rubygems.org/
  specs:
    activesupport (3.2.11)
      i18n (~> 0.6)
      multi_json (~> 1.0)
    diff-lcs (1.2.5)
    i18n (0.6.1)
    multi_json (1.5.0)
    proxies (0.2.1)
    rspec (3.1.0)
      rspec-core (~> 3.1.0)
      rspec-expectations (~> 3.1.0)
      rspec-mocks (~> 3.1.0)
    rspec-core (3.1.7)
      rspec-support (~> 3.1.0)
    rspec-expectations (3.1.2)
      diff-lcs (>= 1.2.0, < 2.0)
      rspec-support (~> 3.1.0)
    rspec-mocks (3.1.3)
      rspec-support (~> 3.1.0)
    rspec-support (3.1.2)
    s3 (0.3.11)
      proxies (~> 0.2.0)

PLATFORMS
  ruby
  x64-mingw32

DEPENDENCIES
  outback!
  rspec
